PATH
  remote: .
  specs:
    rack-maintenance (0.3.0)
      rack (>= 1.0)

GEM
  remote: http://rubygems.org/
  specs:
    diff-lcs (1.1.3)
    rack (1.4.1)
    rspec (2.11.0)
      rspec-core (~> 2.11.0)
      rspec-expectations (~> 2.11.0)
      rspec-mocks (~> 2.11.0)
    rspec-core (2.11.1)
    rspec-expectations (2.11.3)
      diff-lcs (~> 1.1.3)
    rspec-mocks (2.11.3)
    yard (0.8.2.1)

PLATFORMS
  ruby

DEPENDENCIES
  rack-maintenance!
  rspec
  yard
